PATH
  remote: .
  specs:
    jsonrpc-middleware (0.1.0)
      dry-validation (~> 1.11)
      zeitwerk (~> 2.7)

GEM
  remote: https://rubygems.org/
  specs:
    activesupport (8.0.2)
      base64
      benchmark (>= 0.3)
      bigdecimal
      concurrent-ruby (~> 1.0, >= 1.3.1)
      connection_pool (>= 2.2.5)
      drb
      i18n (>= 1.6, < 2)
      logger (>= 1.4.2)
      minitest (>= 5.1)
      securerandom (>= 0.3)
      tzinfo (~> 2.0, >= 2.0.5)
      uri (>= 0.13.1)
    ansi (1.5.0)
    ast (2.4.3)
    awesome_print (1.9.2)
    backports (3.25.1)
    base64 (0.3.0)
    benchmark (0.4.1)
    bigdecimal (3.2.2)
    bundler-audit (0.9.2)
      bundler (>= 1.2.0, < 3)
      thor (~> 1.0)
    childprocess (5.1.0)
      logger (~> 1.5)
    coderay (1.1.3)
    concurrent-ruby (1.3.5)
    connection_pool (2.5.3)
    csv (3.3.5)
    date (3.4.1)
    diff-lcs (1.6.2)
    docile (1.4.1)
    drb (2.2.3)
    dry-configurable (1.3.0)
      dry-core (~> 1.1)
      zeitwerk (~> 2.6)
    dry-core (1.1.0)
      concurrent-ruby (~> 1.0)
      logger
      zeitwerk (~> 2.6)
    dry-inflector (1.2.0)
    dry-initializer (3.2.0)
    dry-logic (1.6.0)
      bigdecimal
      concurrent-ruby (~> 1.0)
      dry-core (~> 1.1)
      zeitwerk (~> 2.6)
    dry-schema (1.14.1)
      concurrent-ruby (~> 1.0)
      dry-configurable (~> 1.0, >= 1.0.1)
      dry-core (~> 1.1)
      dry-initializer (~> 3.2)
      dry-logic (~> 1.5)
      dry-types (~> 1.8)
      zeitwerk (~> 2.6)
    dry-types (1.8.3)
      bigdecimal (~> 3.0)
      concurrent-ruby (~> 1.0)
      dry-core (~> 1.0)
      dry-inflector (~> 1.0)
      dry-logic (~> 1.4)
      zeitwerk (~> 2.6)
    dry-validation (1.11.1)
      concurrent-ruby (~> 1.0)
      dry-core (~> 1.1)
      dry-initializer (~> 3.2)
      dry-schema (~> 1.14)
      zeitwerk (~> 2.6)
    erb (5.0.1)
    factory_bot (6.5.4)
      activesupport (>= 6.1.0)
    ffi (1.17.2-arm64-darwin)
    ffi (1.17.2-x86_64-linux-gnu)
    fileutils (1.7.3)
    formatador (1.1.0)
    guard (2.19.1)
      formatador (>= 0.2.4)
      listen (>= 2.7, < 4.0)
      logger (~> 1.6)
      lumberjack (>= 1.0.12, < 2.0)
      nenv (~> 0.1)
      notiffany (~> 0.0)
      ostruct (~> 0.6)
      pry (>= 0.13.0)
      shellany (~> 0.0)
      thor (>= 0.18.1)
    guard-bundler (3.0.1)
      bundler (>= 2.1, < 3)
      guard (~> 2.2)
      guard-compat (~> 1.1)
    guard-bundler-audit (0.1.5)
      bundler-audit (>= 0.6.0)
      guard (~> 2.0)
    guard-compat (1.2.1)
    guard-rspec (4.7.3)
      guard (~> 2.1)
      guard-compat (~> 1.1)
      rspec (>= 2.99.0, < 4.0)
    guard-rubocop (1.5.0)
      guard (~> 2.0)
      rubocop (< 2.0)
    i18n (1.14.7)
      concurrent-ruby (~> 1.0)
    iniparse (1.5.0)
    io-console (0.8.0)
    irb (1.15.2)
      pp (>= 0.6.0)
      rdoc (>= 4.0.0)
      reline (>= 0.4.2)
    json (2.12.2)
    language_server-protocol (3.17.0.5)
    lint_roller (1.1.0)
    listen (3.9.0)
      rb-fsevent (~> 0.10, >= 0.10.3)
      rb-inotify (~> 0.9, >= 0.9.10)
    logger (1.7.0)
    lumberjack (1.2.10)
    method_source (1.1.0)
    minitest (5.25.5)
    mutex_m (0.3.0)
    nenv (0.3.0)
    notiffany (0.1.3)
      nenv (~> 0.1)
      shellany (~> 0.0)
    ostruct (0.6.1)
    overcommit (0.67.1)
      childprocess (>= 0.6.3, < 6)
      iniparse (~> 1.4)
      rexml (>= 3.3.9)
    parallel (1.27.0)
    parser (3.3.8.0)
      ast (~> 2.4.1)
      racc
    pp (0.6.2)
      prettyprint
    prettyprint (0.2.0)
    prism (1.4.0)
    pry (0.15.2)
      coderay (~> 1.1)
      method_source (~> 1.0)
    psych (5.2.6)
      date
      stringio
    racc (1.8.1)
    rack (3.1.16)
    rack-test (2.2.0)
      rack (>= 1.3)
    rackup (2.2.1)
      rack (>= 3)
    rainbow (3.1.1)
    rake (13.3.0)
    rb-fsevent (0.11.2)
    rb-inotify (0.11.1)
      ffi (~> 1.0)
    rbs (3.9.4)
      logger
    rdoc (6.14.0)
      erb
      psych (>= 4.0.0)
    regexp_parser (2.10.0)
    reline (0.6.1)
      io-console (~> 0.5)
    rexml (3.4.1)
    rspec (3.13.1)
      rspec-core (~> 3.13.0)
      rspec-expectations (~> 3.13.0)
      rspec-mocks (~> 3.13.0)
    rspec-core (3.13.4)
      rspec-support (~> 3.13.0)
    rspec-expectations (3.13.5)
      diff-lcs (>= 1.2.0, < 2.0)
      rspec-support (~> 3.13.0)
    rspec-mocks (3.13.5)
      diff-lcs (>= 1.2.0, < 2.0)
      rspec-support (~> 3.13.0)
    rspec-support (3.13.4)
    rubocop (1.76.1)
      json (~> 2.3)
      language_server-protocol (~> 3.17.0.2)
      lint_roller (~> 1.1.0)
      parallel (~> 1.10)
      parser (>= 3.3.0.2)
      rainbow (>= 2.2.2, < 4.0)
      regexp_parser (>= 2.9.3, < 3.0)
      rubocop-ast (>= 1.45.0, < 2.0)
      ruby-progressbar (~> 1.7)
      unicode-display_width (>= 2.4.0, < 4.0)
    rubocop-ast (1.45.1)
      parser (>= 3.3.7.2)
      prism (~> 1.4)
    rubocop-factory_bot (2.27.1)
      lint_roller (~> 1.1)
      rubocop (~> 1.72, >= 1.72.1)
    rubocop-performance (1.25.0)
      lint_roller (~> 1.1)
      rubocop (>= 1.75.0, < 2.0)
      rubocop-ast (>= 1.38.0, < 2.0)
    rubocop-rake (0.7.1)
      lint_roller (~> 1.1)
      rubocop (>= 1.72.1)
    rubocop-rspec (3.6.0)
      lint_roller (~> 1.1)
      rubocop (~> 1.72, >= 1.72.1)
    rubocop-yard (0.10.0)
      rubocop (~> 1.21)
      yard
    ruby-progressbar (1.13.0)
    securerandom (0.4.1)
    shellany (0.0.1)
    simplecov (0.22.0)
      docile (~> 1.1)
      simplecov-html (~> 0.11)
      simplecov_json_formatter (~> 0.1)
    simplecov-console (0.9.3)
      ansi
      simplecov
      terminal-table
    simplecov-html (0.13.1)
    simplecov_json_formatter (0.1.4)
    steep (1.10.0)
      activesupport (>= 5.1)
      concurrent-ruby (>= 1.1.10)
      csv (>= 3.0.9)
      fileutils (>= 1.1.0)
      json (>= 2.1.0)
      language_server-protocol (>= 3.17.0.4, < 4.0)
      listen (~> 3.0)
      logger (>= 1.3.0)
      mutex_m (>= 0.3.0)
      parser (>= 3.1)
      rainbow (>= 2.2.2, < 4.0)
      rbs (~> 3.9)
      securerandom (>= 0.1)
      strscan (>= 1.0.0)
      terminal-table (>= 2, < 5)
      uri (>= 0.12.0)
    stringio (3.1.7)
    strscan (3.1.5)
    terminal-table (4.0.0)
      unicode-display_width (>= 1.1.1, < 4)
    thor (1.3.2)
    typeprof (0.30.1)
      rbs (>= 3.6.0)
    tzinfo (2.0.6)
      concurrent-ruby (~> 1.0)
    unicode-display_width (3.1.4)
      unicode-emoji (~> 4.0, >= 4.0.4)
    unicode-emoji (4.0.4)
    uri (1.0.3)
    yard (0.9.37)
    yard-junk (0.0.10)
      backports (>= 3.18)
      ostruct
      rainbow
      yard
    yardstick (0.9.9)
      yard (~> 0.8, >= 0.8.7.2)
    zeitwerk (2.7.3)

PLATFORMS
  arm64-darwin
  x86_64-linux

DEPENDENCIES
  awesome_print (~> 1.9)
  bundler-audit (~> 0.9)
  factory_bot (~> 6.5)
  guard (~> 2.19)
  guard-bundler (~> 3.0)
  guard-bundler-audit (~> 0.1)
  guard-rspec (~> 4.7)
  guard-rubocop (~> 1.5)
  irb (~> 1.15)
  jsonrpc-middleware!
  overcommit (~> 0.67)
  rack (~> 3.1)
  rack-test (~> 2.2)
  rackup (~> 2.2)
  rake (~> 13.3)
  rbs (~> 3.8)
  rspec (~> 3.13)
  rubocop (~> 1.76)
  rubocop-factory_bot (~> 2.27)
  rubocop-performance (~> 1.25)
  rubocop-rake (~> 0.7)
  rubocop-rspec (~> 3.6)
  rubocop-yard (~> 0.10)
  simplecov (~> 0.22)
  simplecov-console (~> 0.9)
  simplecov_json_formatter (~> 0.1)
  steep (~> 1.10)
  typeprof (~> 0.30)
  yard (~> 0.9)
  yard-junk (~> 0.0)
  yardstick (~> 0.9)

BUNDLED WITH
   2.6.9
