PATH
  remote: ../..
  specs:
    jason (0.1.0)
      multi_json
      rack (~> 3.1)
      zeitwerk (~> 2.7)

GEM
  remote: https://rubygems.org/
  specs:
    multi_json (1.15.0)
    nio4r (2.7.4)
    puma (6.6.0)
      nio4r (~> 2.0)
    rack (3.1.14)
    rack-contrib (2.5.0)
      rack (< 4)
    rackup (2.2.1)
      rack (>= 3)
    zeitwerk (2.7.2)

PLATFORMS
  arm64-darwin-24
  ruby

DEPENDENCIES
  jason!
  puma
  rack
  rack-contrib
  rackup

BUNDLED WITH
   2.6.8
